GEM
  remote: http://rubygems.org/
  specs:
    clamp (0.4.0)
    daemons (1.1.8)
    eventmachine (0.12.10)
    haml (3.1.6)
    pith (0.3.1)
      clamp (>= 0.3.0)
      rack (>= 1.2.1)
      thin (>= 1.2.7)
      tilt (>= 1.3)
    rack (1.4.1)
    redcarpet (2.1.1)
    sass (3.1.19)
    thin (1.3.1)
      daemons (>= 1.0.9)
      eventmachine (>= 0.12.6)
      rack (>= 1.0.0)
    tilt (1.3.3)

PLATFORMS
  ruby

DEPENDENCIES
  haml
  pith
  redcarpet
  sass
